GEM
  remote: https://rubygems.org/
  specs:
    ffi (1.9.25)
    jekyll-twitter-plugin (2.0.0)
    jekyll-watch (2.1.2)
      listen (~> 3.0)
    kramdown (2.3.1)
      rexml
    listen (3.1.5)
      rb-fsevent (~> 0.9, >= 0.9.4)
      rb-inotify (~> 0.9, >= 0.9.7)
      ruby_dep (~> 1.2)
    rb-fsevent (0.10.3)
    rb-inotify (0.10.0)
      ffi (~> 1.0)
    rexml (3.2.4)
    rouge (3.3.0)
    ruby_dep (1.5.0)

PLATFORMS
  ruby

DEPENDENCIES
  jekyll-twitter-plugin
  jekyll-watch
  kramdown
  rouge

BUNDLED WITH
   1.17.1
